PATH
  remote: .
  specs:
    jabber_notifier (1.1.0)
      choice
      xmpp4r-simple-19

GEM
  remote: https://rubygems.org/
  specs:
    choice (0.1.6)
    diff-lcs (1.2.5)
    rake (0.9.2)
    rspec (3.0.0)
      rspec-core (~> 3.0.0)
      rspec-expectations (~> 3.0.0)
      rspec-mocks (~> 3.0.0)
    rspec-core (3.0.2)
      rspec-support (~> 3.0.0)
    rspec-expectations (3.0.2)
      diff-lcs (>= 1.2.0, < 2.0)
      rspec-support (~> 3.0.0)
    rspec-mocks (3.0.2)
      rspec-support (~> 3.0.0)
    rspec-support (3.0.2)
    xmpp4r (0.5.6)
    xmpp4r-simple-19 (1.0.0)
      xmpp4r (>= 0.3.2)

PLATFORMS
  ruby

DEPENDENCIES
  bundler (~> 1.6)
  jabber_notifier!
  rake
  rspec
