GEM
  remote: http://slmirror.csic.es/rubygems/
  remote: http://rubygems.org/
  specs:
    choice (0.1.4)
    git (1.2.5)
    jeweler (1.6.4)
      bundler (~> 1.0)
      git (>= 1.2.5)
      rake
    rake (0.9.2)
    rdoc (3.9.4)
    shoulda (2.11.3)
    xmpp4r (0.5)
    xmpp4r-simple (0.8.8)
      xmpp4r (>= 0.3.2)

PLATFORMS
  ruby

DEPENDENCIES
  bundler (~> 1.0.0)
  choice
  jeweler
  rake
  rdoc
  shoulda
  xmpp4r-simple
